GEM
  remote: http://rubygems.org/
  specs:
    daemons (1.1.9)
    json (1.7.5)
    mime-types (1.19)
    rest-client (1.6.7)
      mime-types (>= 1.16)

PLATFORMS
  ruby

DEPENDENCIES
  daemons
  json
  rest-client
